GEM
  remote: https://rubygems.org/
  specs:
    foreman (0.87.2)
    hashie (4.1.0)
    mini_portile2 (2.8.0)
    multi_json (1.15.0)
    mustermann (1.1.1)
      ruby2_keywords (~> 0.0.1)
    nio4r (2.5.8)
    nokogiri (1.13.6)
      mini_portile2 (~> 2.8.0)
      racc (~> 1.4)
    openbeautyfacts (0.6.3)
      hashie (>= 3.4, < 6.0)
      nokogiri (~> 1.7)
    openfoodfacts (0.6.2)
      hashie (>= 3.4, < 6.0)
      nokogiri (~> 1.7)
    puma (5.6.5)
      nio4r (~> 2.0)
    racc (1.6.0)
    rack (2.2.3.1)
    rack-protection (2.2.0)
      rack
    ruby2_keywords (0.0.5)
    sinatra (2.2.0)
      mustermann (~> 1.0)
      rack (~> 2.2)
      rack-protection (= 2.2.0)
      tilt (~> 2.0)
    sinatra-contrib (2.2.0)
      multi_json
      mustermann (~> 1.0)
      rack-protection (= 2.2.0)
      sinatra (= 2.2.0)
      tilt (~> 2.0)
    tilt (2.0.10)

PLATFORMS
  ruby

DEPENDENCIES
  foreman (~> 0.87)
  openbeautyfacts (~> 0.6)
  openfoodfacts (~> 0.6)
  puma (~> 5.6)
  sinatra (~> 2.2)
  sinatra-contrib (~> 2.2)

RUBY VERSION
   ruby 2.4.2p198

BUNDLED WITH
   1.16.1
