GEM
  remote: https://rubygems.org/
  specs:
    backports (3.17.1)
    foreman (0.84.0)
      thor (~> 0.19.1)
    hashie (3.5.6)
    mini_portile2 (2.4.0)
    multi_json (1.14.1)
    mustermann (1.1.1)
      ruby2_keywords (~> 0.0.1)
    nokogiri (1.10.10)
      mini_portile2 (~> 2.4.0)
    openbeautyfacts (0.5.1)
      hashie (~> 3.4)
      nokogiri (~> 1.7)
    openfoodfacts (0.5.1)
      hashie (~> 3.4)
      nokogiri (~> 1.7)
    puma (3.12.6)
    rack (2.2.3)
    rack-protection (2.0.1)
      rack
    ruby2_keywords (0.0.2)
    sinatra (2.0.1)
      mustermann (~> 1.0)
      rack (~> 2.0)
      rack-protection (= 2.0.1)
      tilt (~> 2.0)
    sinatra-contrib (2.0.1)
      backports (>= 2.0)
      multi_json
      mustermann (~> 1.0)
      rack-protection (= 2.0.1)
      sinatra (= 2.0.1)
      tilt (>= 1.3, < 3)
    thor (0.19.4)
    tilt (2.0.10)

PLATFORMS
  ruby

DEPENDENCIES
  foreman (~> 0.84)
  openbeautyfacts (~> 0.5)
  openfoodfacts (~> 0.5)
  puma (~> 3.12)
  sinatra (~> 2.0)
  sinatra-contrib (~> 2.0)

RUBY VERSION
   ruby 2.4.2p198

BUNDLED WITH
   1.16.1
