GEM
  remote: https://rubygems.org/
  specs:
    foreman (0.87.2)
    hashie (4.1.0)
    mini_portile2 (2.8.5)
    multi_json (1.15.0)
    mustermann (3.0.0)
      ruby2_keywords (~> 0.0.1)
    nio4r (2.5.9)
    nokogiri (1.16.2)
      mini_portile2 (~> 2.8.2)
      racc (~> 1.4)
    openbeautyfacts (0.6.3)
      hashie (>= 3.4, < 6.0)
      nokogiri (~> 1.7)
    openfoodfacts (0.6.2)
      hashie (>= 3.4, < 6.0)
      nokogiri (~> 1.7)
    puma (6.4.0)
      nio4r (~> 2.0)
    racc (1.7.3)
    rack (2.2.8)
    rack-protection (3.1.0)
      rack (~> 2.2, >= 2.2.4)
    ruby2_keywords (0.0.5)
    sinatra (3.1.0)
      mustermann (~> 3.0)
      rack (~> 2.2, >= 2.2.4)
      rack-protection (= 3.1.0)
      tilt (~> 2.0)
    sinatra-contrib (3.1.0)
      multi_json
      mustermann (~> 3.0)
      rack-protection (= 3.1.0)
      sinatra (= 3.1.0)
      tilt (~> 2.0)
    tilt (2.3.0)

PLATFORMS
  ruby

DEPENDENCIES
  foreman (~> 0.87)
  openbeautyfacts (~> 0.6)
  openfoodfacts (~> 0.6)
  puma (~> 6.4)
  sinatra (~> 3.1)
  sinatra-contrib (~> 3.1)

RUBY VERSION
   ruby 2.4.2p198

BUNDLED WITH
   1.16.1
