GEM
  remote: https://rubygems.org/
  specs:
    foreman (0.87.2)
    hashie (4.1.0)
    mini_portile2 (2.5.1)
    multi_json (1.15.0)
    mustermann (1.1.1)
      ruby2_keywords (~> 0.0.1)
    nio4r (2.5.7)
    nokogiri (1.11.4)
      mini_portile2 (~> 2.5.0)
      racc (~> 1.4)
    openbeautyfacts (0.6.0)
      hashie (>= 3.4, < 5.0)
      nokogiri (~> 1.7)
    openfoodfacts (0.6.0)
      hashie (>= 3.4, < 5.0)
      nokogiri (~> 1.7)
    puma (5.3.1)
      nio4r (~> 2.0)
    racc (1.5.2)
    rack (2.2.3)
    rack-protection (2.1.0)
      rack
    ruby2_keywords (0.0.2)
    sinatra (2.1.0)
      mustermann (~> 1.0)
      rack (~> 2.2)
      rack-protection (= 2.1.0)
      tilt (~> 2.0)
    sinatra-contrib (2.1.0)
      multi_json
      mustermann (~> 1.0)
      rack-protection (= 2.1.0)
      sinatra (= 2.1.0)
      tilt (~> 2.0)
    tilt (2.0.10)

PLATFORMS
  ruby

DEPENDENCIES
  foreman (~> 0.87)
  openbeautyfacts (~> 0.6)
  openfoodfacts (~> 0.6)
  puma (~> 5.3)
  sinatra (~> 2.1)
  sinatra-contrib (~> 2.1)

RUBY VERSION
   ruby 2.4.2p198

BUNDLED WITH
   1.16.1
